GEM
  remote: https://rubygems.org/
  specs:
    CFPropertyList (2.2.4)
    albacore (0.3.5)
      rubyzip
    awesome_print (1.2.0)
    blankslate (2.1.2.4)
    builder (3.2.2)
    calabash (1.2.1)
      calabash-android (~> 0.4.9)
      calabash-cucumber (~> 0.9.157)
      xamarin-test-cloud (~> 0.9.25)
    calabash-android (0.4.16)
      awesome_print
      cucumber
      escape (~> 0.0.4)
      httpclient (~> 2.3.2)
      json
      retriable (~> 1.3.3.1)
      rubyzip (~> 0.9.9)
      slowhandcuke
      xamarin-test-cloud (>= 0.9.23)
    calabash-common (0.0.1)
      cucumber (~> 1.3.0)
    calabash-cucumber (0.9.162)
      CFPropertyList
      awesome_print
      bundler (~> 1.1)
      calabash-common (~> 0.0.1)
      cucumber (~> 1.3.0)
      edn
      httpclient (~> 2.3.3)
      json
      location-one (~> 0.0.10)
      run_loop (~> 0.0.22)
      sim_launcher (= 0.4.6)
      slowhandcuke
      xamarin-test-cloud (~> 0.9.25)
    coderay (1.1.0)
    cucumber (1.3.10)
      builder (>= 2.1.2)
      diff-lcs (>= 1.1.3)
      gherkin (~> 2.12)
      multi_json (>= 1.7.5, < 2.0)
      multi_test (>= 0.0.2)
    diff-lcs (1.2.5)
    edn (1.0.2)
      parslet (~> 1.4.0)
    escape (0.0.4)
    geocoder (1.1.8)
    gherkin (2.12.2)
      multi_json (~> 1.3)
    httpclient (2.3.4.1)
    json (1.8.1)
    location-one (0.0.10)
      geocoder (~> 1.1)
      httpclient (~> 2.3.3)
      json
    method_source (0.8.2)
    mime-types (2.0)
    multi_json (1.8.2)
    multi_test (0.0.2)
    parslet (1.4.0)
      blankslate (~> 2.0)
    pry (0.9.12.3)
      coderay (~> 1.0)
      method_source (~> 0.8)
      slop (~> 3.4)
    rack (1.5.2)
    rack-protection (1.5.1)
      rack
    rake (10.1.0)
    rest-client (1.6.7)
      mime-types (>= 1.16)
    retriable (1.3.3.1)
    rspec (2.14.1)
      rspec-core (~> 2.14.0)
      rspec-expectations (~> 2.14.0)
      rspec-mocks (~> 2.14.0)
    rspec-core (2.14.7)
    rspec-expectations (2.14.4)
      diff-lcs (>= 1.1.3, < 2.0)
    rspec-mocks (2.14.4)
    rubyzip (0.9.9)
    run_loop (0.0.22)
      json
      thor
    sim_launcher (0.4.6)
      sinatra
    sinatra (1.4.4)
      rack (~> 1.4)
      rack-protection (~> 1.4)
      tilt (~> 1.3, >= 1.3.4)
    slop (3.4.7)
    slowhandcuke (0.0.3)
      cucumber
    syntax (1.0.0)
    thor (0.18.1)
    tilt (1.4.1)
    xamarin-test-cloud (0.9.26)
      bundler (>= 1.3.0, < 2.0)
      json
      rest-client (~> 1.6.7)
      retriable (~> 1.3.3.1)
      rubyzip (~> 0.9.9)
      thor (>= 0.18.1)

PLATFORMS
  ruby

DEPENDENCIES
  albacore
  awesome_print
  calabash
  calabash-android
  calabash-cucumber
  cucumber
  pry
  rake
  rspec
  syntax
  xamarin-test-cloud
